GEM
  remote: http://rubygems.org/
  specs:
    bombshell (0.1.5)
    childprocess (0.2.2)
      ffi (~> 1.0.6)
    chronic_duration (0.9.6)
      numerizer (~> 0.1.1)
    ffi (1.0.9)
    git (1.2.5)
    jeweler (1.6.4)
      bundler (~> 1.0)
      git (>= 1.2.5)
      rake
    json_pure (1.6.1)
    numerizer (0.1.1)
    rake (0.9.2.2)
    rubyzip (0.9.4)
    selenium-webdriver (2.9.1)
      childprocess (>= 0.2.1)
      ffi (= 1.0.9)
      json_pure
      rubyzip
    term-ansicolor (1.0.7)

PLATFORMS
  ruby

DEPENDENCIES
  bombshell
  bundler
  chronic_duration
  jeweler (~> 1.6.4)
  selenium-webdriver
  term-ansicolor
